GEM
  remote: https://rubygems.org/
  specs:
    chunky_png (1.2.9)
    coffee-script (2.2.0)
      coffee-script-source
      execjs
    coffee-script-source (1.6.3)
    colored (1.2)
    compass (0.12.2)
      chunky_png (~> 1.2)
      fssm (>= 0.2.7)
      sass (~> 3.1)
    cri (2.4.1)
      colored (>= 1.2)
    execjs (2.0.2)
    fssm (0.2.10)
    haml (4.0.5)
      tilt
    json (1.8.1)
    nanoc (3.6.7)
      cri (~> 2.3)
    sass (3.2.13)
    tilt (2.0.0)
    uglifier (2.4.0)
      execjs (>= 0.3.0)
      json (>= 1.8.0)

PLATFORMS
  ruby

DEPENDENCIES
  coffee-script
  compass
  haml
  nanoc (~> 3.6.6)
  sass
  uglifier
